GIT
  remote: git://github.com/brianmario/mysql2.git
  revision: a17ba07c759581e6babd3d87685019bf1b11ae97
  specs:
    mysql2 (0.2.4)

GIT
  remote: git://github.com/cavalle/steak.git
  revision: 86331782937ee379e14e02a0d313774a0391dab4
  specs:
    steak (1.0.0.beta.2)
      rspec

GIT
  remote: git://github.com/ernie/meta_where.git
  revision: b3cc75d3edf45d3164571bd0963b109801378d18
  branch: arel-2.0
  specs:
    meta_where (0.9.6)
      activerecord (~> 3.0)
      activesupport (~> 3.0)
      arel (~> 2.0.0)

GIT
  remote: git://github.com/grosser/parallel_tests.git
  revision: da4b90618a462966d35c0635f50c7a5b0ece7631
  specs:
    parallel_tests (0.4.7)
      parallel

GIT
  remote: git://github.com/jnicklas/capybara.git
  revision: 89d00c4f0801a1d00f57c4bedb81c23b888e18df
  specs:
    capybara (0.3.9)
      celerity (>= 0.7.9)
      culerity (>= 0.2.4)
      mime-types (>= 1.16)
      nokogiri (>= 1.3.3)
      rack (>= 1.0.0)
      rack-test (>= 0.5.4)
      selenium-webdriver (>= 0.0.27)
      xpath (~> 0.1.2)

GIT
  remote: git://github.com/jnicklas/carrierwave.git
  revision: 26d8567309a46ea78872d902502a812563a5809b
  specs:
    carrierwave (0.5.0)
      activesupport (~> 3.0)

GIT
  remote: git://github.com/meskyanichi/deployer.git
  revision: 3a897c0f4d0c0a22e9341b46ca5753a26918b63a
  specs:
    deployer (0.1.7)
      OptionParser (>= 0.5.1)
      capistrano (>= 2.5.13)

GIT
  remote: git://github.com/rails/arel.git
  revision: 9742785d5c0c076056daf346bf4f37a8348fa412
  specs:
    arel (2.0.0.dev.20100924164835)

GIT
  remote: git://github.com/rails/rails.git
  revision: 3021297e89dc3720d1bce50dabf1177f8935172e
  branch: 3-0-stable
  specs:
    actionmailer (3.0.1.pre)
      actionpack (= 3.0.1.pre)
      mail (~> 2.2.6.1)
    actionpack (3.0.1.pre)
      activemodel (= 3.0.1.pre)
      activesupport (= 3.0.1.pre)
      builder (~> 2.1.2)
      erubis (~> 2.6.6)
      i18n (~> 0.4.1)
      rack (~> 1.2.1)
      rack-mount (~> 0.6.13)
      rack-test (~> 0.5.6)
      tzinfo (~> 0.3.23)
    activemodel (3.0.1.pre)
      activesupport (= 3.0.1.pre)
      builder (~> 2.1.2)
      i18n (~> 0.4.1)
    activerecord (3.0.1.pre)
      activemodel (= 3.0.1.pre)
      activesupport (= 3.0.1.pre)
      arel (~> 2.0.0)
      tzinfo (~> 0.3.23)
    activeresource (3.0.1.pre)
      activemodel (= 3.0.1.pre)
      activesupport (= 3.0.1.pre)
    activesupport (3.0.1.pre)
    rails (3.0.1.pre)
      actionmailer (= 3.0.1.pre)
      actionpack (= 3.0.1.pre)
      activerecord (= 3.0.1.pre)
      activeresource (= 3.0.1.pre)
      activesupport (= 3.0.1.pre)
      bundler (~> 1.0.0)
      railties (= 3.0.1.pre)
    railties (3.0.1.pre)
      actionpack (= 3.0.1.pre)
      activesupport (= 3.0.1.pre)
      rake (>= 0.8.7)
      thor (~> 0.14.2)

GIT
  remote: git://github.com/thoughtbot/factory_girl.git
  revision: 5c88bb058b876107d6d93dd8ac48c5cd46dc566f
  specs:
    factory_girl (2.0.0.beta1)

GEM
  remote: http://rubygems.org/
  specs:
    OptionParser (0.5.1)
    abstract (1.0.0)
    bcrypt-ruby (2.1.2)
    builder (2.1.2)
    bullet (2.0.0.rc2)
    by_star (1.0.0)
      activerecord (>= 2.0.0)
      chronic
    capistrano (2.5.19)
      highline
      net-scp (>= 1.0.0)
      net-sftp (>= 2.0.0)
      net-ssh (>= 2.0.14)
      net-ssh-gateway (>= 1.0.0)
    capistrano-ext (1.2.1)
      capistrano (>= 1.0.0)
    celerity (0.8.2)
    childprocess (0.0.7)
      ffi (~> 0.6.3)
    chronic (0.2.3)
      hoe (>= 1.2.1)
    compass (0.10.5)
      haml (>= 3.0.4)
    configuration (1.1.0)
    csv-mapper (0.5.1)
      fastercsv
    culerity (0.2.12)
    daemons (1.1.0)
    dalli (0.9.9)
    database_cleaner (0.5.2)
    datamappify (0.2.2)
      activerecord
    delorean (0.2.0)
      chronic
    devise (1.1.3)
      bcrypt-ruby (~> 2.1.2)
      warden (~> 0.10.7)
    diff-lcs (1.1.2)
    erubis (2.6.6)
      abstract (>= 1.0.0)
    eventmachine (0.12.10)
    fastercsv (1.5.3)
    ffaker (0.4.0)
    ffi (0.6.3)
      rake (>= 0.8.7)
    haml (3.0.21)
    has_scope (0.5.0)
    highline (1.6.1)
    hoe (2.6.2)
      rake (>= 0.8.7)
      rubyforge (>= 2.0.4)
    hoptoad_notifier (2.3.8)
      activesupport
    hpricot (0.8.2)
    i18n (0.4.1)
    inherited_resources (1.1.2)
      has_scope (~> 0.5.0)
      responders (~> 0.6.0)
    inherited_resources_views (0.3.1)
      inherited_resources (>= 1.0)
    json_pure (1.4.6)
    launchy (0.3.7)
      configuration (>= 0.0.5)
      rake (>= 0.8.1)
    mail (2.2.6.1)
      activesupport (>= 2.3.6)
      mime-types
      treetop (>= 1.4.5)
    mime-types (1.16)
    net-scp (1.0.4)
      net-ssh (>= 1.99.1)
    net-sftp (2.0.5)
      net-ssh (>= 2.0.9)
    net-ssh (2.0.23)
    net-ssh-gateway (1.0.1)
      net-ssh (>= 1.99.1)
    newrelic_rpm (2.13.2)
    nokogiri (1.4.3.1)
    parallel (0.4.6)
    polyglot (0.3.1)
    rack (1.2.1)
    rack-mount (0.6.13)
      rack (>= 1.0.0)
    rack-test (0.5.6)
      rack (>= 1.0)
    rails_config (0.1.5)
      activesupport (~> 3.0)
    rake (0.8.7)
    rdiscount (1.6.5)
    responders (0.6.2)
    rspec (2.0.0)
      rspec-core (= 2.0.0)
      rspec-expectations (= 2.0.0)
      rspec-mocks (= 2.0.0)
    rspec-core (2.0.0)
    rspec-expectations (2.0.0)
      diff-lcs (>= 1.1.2)
    rspec-mocks (2.0.0)
      rspec-core (= 2.0.0)
      rspec-expectations (= 2.0.0)
    rspec-rails (2.0.0)
      rspec (= 2.0.0)
    ruby_parser (2.0.5)
      sexp_processor (~> 3.0)
    rubyforge (2.0.4)
      json_pure (>= 1.1.7)
    rubyzip (0.9.4)
    sanitize (1.2.1)
      nokogiri (~> 1.4.1)
    selenium-webdriver (0.0.29)
      childprocess (>= 0.0.7)
      ffi (~> 0.6.3)
      json_pure
      rubyzip
    sexp_processor (3.0.5)
    simple-navigation (3.0.0)
      activesupport (>= 2.3.2)
    simple_form (1.2.2)
    thin (1.2.7)
      daemons (>= 1.0.9)
      eventmachine (>= 0.12.6)
      rack (>= 1.0.0)
    thor (0.14.3)
    treetop (1.4.8)
      polyglot (>= 0.3.1)
    tzinfo (0.3.23)
    vidibus-routing_error (0.1.5)
      rails (>= 3.0.0.rc)
    warden (0.10.7)
      rack (>= 1.0.0)
    will_paginate (3.0.pre2)
    xpath (0.1.2)
      nokogiri (~> 1.3)

PLATFORMS
  ruby

DEPENDENCIES
  arel!
  bullet (~> 2.0.0.rc1)
  by_star (~> 1.0.0)
  capistrano-ext
  capybara!
  carrierwave!
  compass
  csv-mapper (>= 0.5.0)
  dalli
  database_cleaner
  datamappify (>= 0.2.1)
  delorean
  deployer!
  devise (~> 1.1.2)
  factory_girl!
  ffaker (>= 0.4.0)
  haml (~> 3.0.18)
  hoptoad_notifier
  hpricot (>= 0.8.2)
  inherited_resources (~> 1.1.2)
  inherited_resources_views
  launchy
  meta_where!
  mysql2!
  newrelic_rpm
  parallel_tests!
  rails!
  rails_config
  rdiscount (>= 1.6.5)
  rspec-rails (~> 2.0.0)
  ruby_parser (>= 2.0.4)
  rubyzip
  sanitize
  simple-navigation (~> 3.0.0)
  simple_form (~> 1.2.0)
  steak!
  thin
  vidibus-routing_error
  will_paginate (~> 3.0.pre)
  xpath
