GIT
  remote: git://github.com/brianmario/mysql2.git
  revision: 550c68cade0cda14cbdf3f05a9d074486da4aa04
  specs:
    mysql2 (0.2.6)

GIT
  remote: git://github.com/cavalle/steak.git
  revision: 6140580c5da9cf945777db025942a09e97b52b5c
  specs:
    steak (1.0.0.rc.4)
      rspec

GIT
  remote: git://github.com/ernie/meta_where.git
  revision: ce297accd0e9c61e8151376cf0e8d17103c74fb1
  branch: arel-2.0
  specs:
    meta_where (0.9.6)
      activerecord (~> 3.0)
      activesupport (~> 3.0)
      arel (~> 2.0.2)

GIT
  remote: git://github.com/fredwu/acts_as_shopping_cart.git
  revision: 552d2c2484e9cd02a045d799f83cdc2b56a98717
  specs:
    acts_as_shopping_cart (0.0.0)
      activerecord (~> 3.0.0)

GIT
  remote: git://github.com/grosser/parallel_tests.git
  revision: da4b90618a462966d35c0635f50c7a5b0ece7631
  specs:
    parallel_tests (0.4.7)
      parallel

GIT
  remote: git://github.com/jnicklas/capybara.git
  revision: b022ca9926bfd0ad7afe2c9f722b2f8a7300f8af
  specs:
    capybara (0.4.0)
      celerity (>= 0.7.9)
      culerity (>= 0.2.4)
      mime-types (>= 1.16)
      nokogiri (>= 1.3.3)
      rack (>= 1.0.0)
      rack-test (>= 0.5.4)
      selenium-webdriver (>= 0.0.27)
      xpath (~> 0.1.2)

GIT
  remote: git://github.com/jnicklas/carrierwave.git
  revision: 272c9aac1f2f30c4bd2990e28a3b1403c9820f37
  specs:
    carrierwave (0.5.0)
      activesupport (~> 3.0)

GIT
  remote: git://github.com/judofyr/temple.git
  revision: c5db1224751fd2b0c876b63228bcac30916f1713
  specs:
    temple (0.1.6)

GIT
  remote: git://github.com/leogalmeida/slim-rails.git
  revision: accae6a0a0b8d2d72ff116d56f063cfe6c47fd93
  specs:
    slim-rails (0.1.2)

GIT
  remote: git://github.com/meskyanichi/deployer.git
  revision: 3a897c0f4d0c0a22e9341b46ca5753a26918b63a
  specs:
    deployer (0.1.7)
      OptionParser (>= 0.5.1)
      capistrano (>= 2.5.13)

GIT
  remote: git://github.com/rails/arel.git
  revision: 3e928ee400d083e7391474c61c8fcef74f0c848a
  specs:
    arel (2.0.4.20101119081136)

GIT
  remote: git://github.com/rails/rails.git
  revision: 28a0ee0f0c5c5fd902d71a87794d4a111a160c38
  branch: 3-0-stable
  specs:
    actionmailer (3.0.3)
      actionpack (= 3.0.3)
      mail (~> 2.2.9)
    actionpack (3.0.3)
      activemodel (= 3.0.3)
      activesupport (= 3.0.3)
      builder (~> 2.1.2)
      erubis (~> 2.6.6)
      i18n (~> 0.4)
      rack (~> 1.2.1)
      rack-mount (~> 0.6.13)
      rack-test (~> 0.5.6)
      tzinfo (~> 0.3.23)
    activemodel (3.0.3)
      activesupport (= 3.0.3)
      builder (~> 2.1.2)
      i18n (~> 0.4)
    activerecord (3.0.3)
      activemodel (= 3.0.3)
      activesupport (= 3.0.3)
      arel (~> 2.0.2)
      tzinfo (~> 0.3.23)
    activeresource (3.0.3)
      activemodel (= 3.0.3)
      activesupport (= 3.0.3)
    activesupport (3.0.3)
    rails (3.0.3)
      actionmailer (= 3.0.3)
      actionpack (= 3.0.3)
      activerecord (= 3.0.3)
      activeresource (= 3.0.3)
      activesupport (= 3.0.3)
      bundler (~> 1.0)
      railties (= 3.0.3)
    railties (3.0.3)
      actionpack (= 3.0.3)
      activesupport (= 3.0.3)
      rake (>= 0.8.7)
      thor (~> 0.14.4)

GIT
  remote: git://github.com/stonean/slim.git
  revision: df5ffcca20dc99f3a28762ce25a0617971b7ba36
  specs:
    slim (0.7.4)
      temple (~> 0.1.6)
      tilt (~> 1.1)

GIT
  remote: git://github.com/thoughtbot/factory_girl.git
  revision: 2d1c77984b365dabb43b7571eaa77f626ef65abc
  specs:
    factory_girl (2.0.0.beta1)

GEM
  remote: http://rubygems.org/
  specs:
    OptionParser (0.5.1)
    abstract (1.0.0)
    bcrypt-ruby (2.1.2)
    builder (2.1.2)
    bullet (2.0.1)
      uniform_notifier (~> 1.0.0)
    by_star (1.0.0)
      activerecord (>= 2.0.0)
      chronic
    capistrano (2.5.19)
      highline
      net-scp (>= 1.0.0)
      net-sftp (>= 2.0.0)
      net-ssh (>= 2.0.14)
      net-ssh-gateway (>= 1.0.0)
    capistrano-ext (1.2.1)
      capistrano (>= 1.0.0)
    celerity (0.8.4)
    childprocess (0.1.4)
      ffi (~> 0.6.3)
    chronic (0.3.0)
    compass (0.10.6)
      haml (>= 3.0.4)
    configuration (1.2.0)
    culerity (0.2.12)
    dalli (0.11.2)
    database_cleaner (0.6.0)
    datamappify (0.2.2)
      activerecord
    delorean (0.2.1)
      chronic
    devise (1.1.3)
      bcrypt-ruby (~> 2.1.2)
      warden (~> 0.10.7)
    diff-lcs (1.1.2)
    erubis (2.6.6)
      abstract (>= 1.0.0)
    ffaker (1.0.0)
    ffi (0.6.3)
      rake (>= 0.8.7)
    haml (3.0.24)
    has_scope (0.5.0)
    highline (1.6.1)
    i18n (0.4.2)
    inherited_resources (1.1.2)
      has_scope (~> 0.5.0)
      responders (~> 0.6.0)
    inherited_resources_views (0.4.1)
      inherited_resources (>= 1.0)
    json_pure (1.4.6)
    launchy (0.3.7)
      configuration (>= 0.0.5)
      rake (>= 0.8.1)
    mail (2.2.10)
      activesupport (>= 2.3.6)
      i18n (~> 0.4.1)
      mime-types (~> 1.16)
      treetop (~> 1.4.8)
    mime-types (1.16)
    mini_magick (3.1)
      subexec (~> 0.0.4)
    net-scp (1.0.4)
      net-ssh (>= 1.99.1)
    net-sftp (2.0.5)
      net-ssh (>= 2.0.9)
    net-ssh (2.0.23)
    net-ssh-gateway (1.0.1)
      net-ssh (>= 1.99.1)
    nokogiri (1.4.4)
    parallel (0.5.1)
    polyglot (0.3.1)
    rack (1.2.1)
    rack-mount (0.6.13)
      rack (>= 1.0.0)
    rack-test (0.5.6)
      rack (>= 1.0)
    rails_config (0.2.1)
      activesupport (~> 3.0)
    rake (0.8.7)
    rdiscount (1.6.5)
    responders (0.6.2)
    rspec (2.0.1)
      rspec-core (~> 2.0.1)
      rspec-expectations (~> 2.0.1)
      rspec-mocks (~> 2.0.1)
    rspec-core (2.0.1)
    rspec-expectations (2.0.1)
      diff-lcs (>= 1.1.2)
    rspec-mocks (2.0.1)
      rspec-core (~> 2.0.1)
      rspec-expectations (~> 2.0.1)
    rspec-rails (2.0.1)
      rspec (~> 2.0.0)
    rubyzip (0.9.4)
    sanitize (1.2.1)
      nokogiri (~> 1.4.1)
    selenium-webdriver (0.1.0)
      childprocess (= 0.1.4)
      ffi (~> 0.6.3)
      json_pure
      rubyzip
    simple-navigation (3.0.2)
      activesupport (>= 2.3.2)
    simple_form (1.2.2)
    subexec (0.0.4)
    thor (0.14.6)
    tilt (1.1)
    treetop (1.4.9)
      polyglot (>= 0.3.1)
    tzinfo (0.3.23)
    uniform_notifier (1.0.0)
    vidibus-routing_error (0.1.5)
      rails (>= 3.0.0.rc)
    warden (0.10.7)
      rack (>= 1.0.0)
    will_paginate (3.0.pre2)
    xpath (0.1.2)
      nokogiri (~> 1.3)

PLATFORMS
  ruby

DEPENDENCIES
  acts_as_shopping_cart!
  arel!
  bullet (~> 2.0.0.rc1)
  by_star (~> 1.0.0)
  capistrano-ext
  capybara!
  carrierwave!
  compass
  dalli
  database_cleaner
  datamappify (>= 0.2.1)
  delorean
  deployer!
  devise (~> 1.1.2)
  factory_girl!
  ffaker (>= 0.4.0)
  haml (~> 3.0.18)
  inherited_resources (~> 1.1.2)
  inherited_resources_views
  launchy
  meta_where!
  mini_magick
  mysql2!
  parallel_tests!
  rails!
  rails_config
  rdiscount (>= 1.6.5)
  rspec-rails (~> 2.0.0)
  sanitize
  simple-navigation (~> 3.0.0)
  simple_form (~> 1.2.0)
  slim!
  slim-rails!
  steak!
  temple!
  vidibus-routing_error
  will_paginate (~> 3.0.pre)
  xpath
