GIT
  remote: git://github.com/brianmario/mysql2.git
  revision: 60b8d061ac4442cbd2082648dd357bf20295dcfa
  specs:
    mysql2 (0.2.6)

GIT
  remote: git://github.com/cavalle/steak.git
  revision: 837d7460ec371af4d25e5f8724129ec28db99e45
  specs:
    steak (1.0.0.rc.2)
      rspec

GIT
  remote: git://github.com/ernie/meta_where.git
  revision: f9c37b2637cd39bfd7e89c5c6dfd814181f8af55
  branch: arel-2.0
  specs:
    meta_where (0.9.6)
      activerecord (~> 3.0)
      activesupport (~> 3.0)
      arel (~> 2.0.0)

GIT
  remote: git://github.com/grosser/parallel_tests.git
  revision: da4b90618a462966d35c0635f50c7a5b0ece7631
  specs:
    parallel_tests (0.4.7)
      parallel

GIT
  remote: git://github.com/jnicklas/capybara.git
  revision: 0323ee7d0e594699fcc45f1cc60d986b855f3c3e
  specs:
    capybara (0.4.0)
      celerity (>= 0.7.9)
      culerity (>= 0.2.4)
      mime-types (>= 1.16)
      nokogiri (>= 1.3.3)
      rack (>= 1.0.0)
      rack-test (>= 0.5.4)
      selenium-webdriver (>= 0.0.27)
      xpath (~> 0.1.2)

GIT
  remote: git://github.com/jnicklas/carrierwave.git
  revision: e7da86a98ff026a81b2e39d6facb40e03d0c1bc3
  specs:
    carrierwave (0.5.0)
      activesupport (~> 3.0)

GIT
  remote: git://github.com/judofyr/temple.git
  revision: ec30cca60b2a5cfc1fbd3210f499a8ed4751273e
  specs:
    temple (0.1.4)

GIT
  remote: git://github.com/leogalmeida/slim-rails.git
  revision: 69cde303e428bb4d5bc9e0ccfd8823a524a0505d
  specs:
    slim-rails (0.1.1)

GIT
  remote: git://github.com/meskyanichi/deployer.git
  revision: 3a897c0f4d0c0a22e9341b46ca5753a26918b63a
  specs:
    deployer (0.1.7)
      OptionParser (>= 0.5.1)
      capistrano (>= 2.5.13)

GIT
  remote: git://github.com/rails/arel.git
  revision: afb6f9c5c1de606c10eca6967010eaa4bfde263b
  specs:
    arel (2.0.1.20101020171639)

GIT
  remote: git://github.com/rails/rails.git
  revision: a56142cc6b7cf6d235714aca4a527fccd45fb724
  branch: 3-0-stable
  specs:
    actionmailer (3.0.2.pre)
      actionpack (= 3.0.2.pre)
      mail (~> 2.2.9)
    actionpack (3.0.2.pre)
      activemodel (= 3.0.2.pre)
      activesupport (= 3.0.2.pre)
      builder (~> 2.1.2)
      erubis (~> 2.6.6)
      i18n (~> 0.4.1)
      rack (~> 1.2.1)
      rack-mount (~> 0.6.13)
      rack-test (~> 0.5.6)
      tzinfo (~> 0.3.23)
    activemodel (3.0.2.pre)
      activesupport (= 3.0.2.pre)
      builder (~> 2.1.2)
      i18n (~> 0.4.1)
    activerecord (3.0.2.pre)
      activemodel (= 3.0.2.pre)
      activesupport (= 3.0.2.pre)
      arel (~> 2.0.0)
      tzinfo (~> 0.3.23)
    activeresource (3.0.2.pre)
      activemodel (= 3.0.2.pre)
      activesupport (= 3.0.2.pre)
    activesupport (3.0.2.pre)
    rails (3.0.2.pre)
      actionmailer (= 3.0.2.pre)
      actionpack (= 3.0.2.pre)
      activerecord (= 3.0.2.pre)
      activeresource (= 3.0.2.pre)
      activesupport (= 3.0.2.pre)
      bundler (~> 1.0.0)
      railties (= 3.0.2.pre)
    railties (3.0.2.pre)
      actionpack (= 3.0.2.pre)
      activesupport (= 3.0.2.pre)
      rake (>= 0.8.7)
      thor (~> 0.14.2)

GIT
  remote: git://github.com/stonean/slim.git
  revision: 48115c28eb0654cbae86d633e57df21b22e0168e
  specs:
    slim (0.7.1)
      temple (~> 0.1.4)
      tilt (~> 1.1)

GIT
  remote: git://github.com/thoughtbot/factory_girl.git
  revision: 5c88bb058b876107d6d93dd8ac48c5cd46dc566f
  specs:
    factory_girl (2.0.0.beta1)

GEM
  remote: http://rubygems.org/
  specs:
    OptionParser (0.5.1)
    abstract (1.0.0)
    bcrypt-ruby (2.1.2)
    builder (2.1.2)
    bullet (2.0.0.rc3)
    by_star (1.0.0)
      activerecord (>= 2.0.0)
      chronic
    capistrano (2.5.19)
      highline
      net-scp (>= 1.0.0)
      net-sftp (>= 2.0.0)
      net-ssh (>= 2.0.14)
      net-ssh-gateway (>= 1.0.0)
    capistrano-ext (1.2.1)
      capistrano (>= 1.0.0)
    celerity (0.8.2)
    childprocess (0.1.3)
      ffi (~> 0.6.3)
    chronic (0.3.0)
    compass (0.10.6)
      haml (>= 3.0.4)
    configuration (1.1.0)
    culerity (0.2.12)
    dalli (0.11.0)
    database_cleaner (0.6.0)
    datamappify (0.2.2)
      activerecord
    delorean (0.2.0)
      chronic
    devise (1.1.3)
      bcrypt-ruby (~> 2.1.2)
      warden (~> 0.10.7)
    diff-lcs (1.1.2)
    erubis (2.6.6)
      abstract (>= 1.0.0)
    ffaker (0.4.0)
    ffi (0.6.3)
      rake (>= 0.8.7)
    haml (3.0.23)
    has_scope (0.5.0)
    highline (1.6.1)
    i18n (0.4.2)
    inherited_resources (1.1.2)
      has_scope (~> 0.5.0)
      responders (~> 0.6.0)
    inherited_resources_views (0.4.1)
      inherited_resources (>= 1.0)
    json_pure (1.4.6)
    launchy (0.3.7)
      configuration (>= 0.0.5)
      rake (>= 0.8.1)
    mail (2.2.9)
      activesupport (>= 2.3.6)
      i18n (~> 0.4.1)
      mime-types (~> 1.16)
      treetop (~> 1.4.8)
    mime-types (1.16)
    net-scp (1.0.4)
      net-ssh (>= 1.99.1)
    net-sftp (2.0.5)
      net-ssh (>= 2.0.9)
    net-ssh (2.0.23)
    net-ssh-gateway (1.0.1)
      net-ssh (>= 1.99.1)
    nokogiri (1.4.3.1)
    parallel (0.5.0)
    polyglot (0.3.1)
    rack (1.2.1)
    rack-mount (0.6.13)
      rack (>= 1.0.0)
    rack-test (0.5.6)
      rack (>= 1.0)
    rails_config (0.1.8)
      activesupport (~> 3.0)
    rake (0.8.7)
    responders (0.6.2)
    rspec (2.0.1)
      rspec-core (~> 2.0.1)
      rspec-expectations (~> 2.0.1)
      rspec-mocks (~> 2.0.1)
    rspec-core (2.0.1)
    rspec-expectations (2.0.1)
      diff-lcs (>= 1.1.2)
    rspec-mocks (2.0.1)
      rspec-core (~> 2.0.1)
      rspec-expectations (~> 2.0.1)
    rspec-rails (2.0.1)
      rspec (~> 2.0.0)
    rubyzip (0.9.4)
    selenium-webdriver (0.0.29)
      childprocess (>= 0.0.7)
      ffi (~> 0.6.3)
      json_pure
      rubyzip
    simple-navigation (3.0.2)
      activesupport (>= 2.3.2)
    simple_form (1.2.2)
    thor (0.14.3)
    tilt (1.1)
    treetop (1.4.8)
      polyglot (>= 0.3.1)
    tzinfo (0.3.23)
    vidibus-routing_error (0.1.5)
      rails (>= 3.0.0.rc)
    warden (0.10.7)
      rack (>= 1.0.0)
    will_paginate (3.0.pre2)
    xpath (0.1.2)
      nokogiri (~> 1.3)

PLATFORMS
  ruby

DEPENDENCIES
  arel!
  bullet (~> 2.0.0.rc1)
  by_star (~> 1.0.0)
  capistrano-ext
  capybara!
  carrierwave!
  compass
  dalli
  database_cleaner
  datamappify (>= 0.2.1)
  delorean
  deployer!
  devise (~> 1.1.2)
  factory_girl!
  ffaker (>= 0.4.0)
  haml (~> 3.0.18)
  inherited_resources (~> 1.1.2)
  inherited_resources_views
  launchy
  meta_where!
  mysql2!
  parallel_tests!
  rails!
  rails_config
  rspec-rails (~> 2.0.0)
  simple-navigation (~> 3.0.0)
  simple_form (~> 1.2.0)
  slim!
  slim-rails!
  steak!
  temple!
  vidibus-routing_error
  will_paginate (~> 3.0.pre)
  xpath
